GIT
  remote: https://github.com/chernenkov-ayu-sbmt/grpc.git
  revision: 7f02a4a8d5d5d78f7d35474513e49c31dc10ade3
  branch: feat/DEX-0000/add-jobs-wait-queue
  submodules: true
  specs:
    grpc (1.67.0)
      google-protobuf (>= 3.25, < 5.0)
      googleapis-common-protos-types (~> 1.0)

GEM
  remote: https://rubygems.org/
  specs:
    bigdecimal (3.1.8)
    google-protobuf (4.28.2-aarch64-linux)
      bigdecimal
      rake (>= 13)
    googleapis-common-protos-types (1.16.0)
      google-protobuf (>= 3.18, < 5.a)
    rake (13.2.1)

PLATFORMS
  aarch64-linux

DEPENDENCIES
  grpc!

RUBY VERSION
   ruby 3.3.3p89

BUNDLED WITH
   2.5.11
