GEM
  remote: https://rubygems.org/
  specs:
    bigdecimal (3.1.8)
    ds9 (1.4.2)
      mini_portile2 (>= 2.2.0)
    google-protobuf (4.28.2-aarch64-linux)
      bigdecimal
      rake (>= 13)
    google-protobuf (4.28.2-arm64-darwin)
      bigdecimal
      rake (>= 13)
    googleapis-common-protos-types (1.16.0)
      google-protobuf (>= 3.18, < 5.a)
    griffin (0.3.0)
      grpc_kit (>= 0.5.0)
      serverengine (~> 2.0.7)
    grpc_kit (0.5.1)
      ds9 (>= 1.4.0)
      google-protobuf (>= 3.7.0)
      googleapis-common-protos-types (>= 1.0.2)
    mini_portile2 (2.8.7)
    rake (13.2.1)
    serverengine (2.0.7)
      sigdump (~> 0.2.2)
    sigdump (0.2.5)

PLATFORMS
  aarch64-linux

DEPENDENCIES
  griffin

RUBY VERSION
   ruby 3.3.3p89

BUNDLED WITH
   2.5.11
